GIT
  remote: git://github.com/livingsocial/rake-pipeline.git
  revision: 50b8d77b703c96539a433ee53a680c43542aaa75
  specs:
    rake-pipeline (0.8.0)
      json
      rake (~> 0.9.0)
      thor

GIT
  remote: git://github.com/wycats/rake-pipeline-web-filters.git
  revision: 1a6dc173776b188836aa2ce2ac35b61c7f7daafe
  specs:
    rake-pipeline-web-filters (0.6.0)
      rack
      rake-pipeline (~> 0.6)

GEM
  remote: https://rubygems.org/
  specs:
    addressable (2.3.2)
    childprocess (0.3.6)
      ffi (~> 1.0, >= 1.0.6)
    coffee-script (2.2.0)
      coffee-script-source
      execjs
    coffee-script-source (1.4.0)
    diff-lcs (1.1.3)
    execjs (1.4.0)
      multi_json (~> 1.0)
    ffi (1.2.0)
    jasmine (1.3.0)
      jasmine-core (>= 1.3.0)
      rack (~> 1.0)
      rspec (>= 1.3.1)
      selenium-webdriver (>= 0.1.3)
    jasmine-core (1.3.1)
    jasmine-phantom (0.0.8)
      jasmine (>= 1.2.0)
    json (1.7.6)
    libwebsocket (0.1.7.1)
      addressable
      websocket
    multi_json (1.5.0)
    rack (1.4.1)
    rake (0.9.6)
    rspec (2.12.0)
      rspec-core (~> 2.12.0)
      rspec-expectations (~> 2.12.0)
      rspec-mocks (~> 2.12.0)
    rspec-core (2.12.2)
    rspec-expectations (2.12.1)
      diff-lcs (~> 1.1.3)
    rspec-mocks (2.12.1)
    rubyzip (0.9.9)
    selenium-webdriver (2.27.2)
      childprocess (>= 0.2.5)
      libwebsocket (~> 0.1.3)
      multi_json (~> 1.0)
      rubyzip
    thor (0.16.0)
    uglifier (1.2.7)
      execjs (>= 0.3.0)
      multi_json (~> 1.3)
    websocket (1.0.6)

PLATFORMS
  ruby

DEPENDENCIES
  coffee-script
  jasmine (= 1.3.0)
  jasmine-phantom
  rake
  rake-pipeline!
  rake-pipeline-web-filters!
  uglifier
